GEM
  remote: http://rubygems.org/
  specs:
    git (1.2.5)
    git-ssh-wrapper (0.0.1)
    rack (1.4.0)
    rack-protection (1.1.4)
      rack
    sinatra (1.3.1)
      rack (~> 1.3, >= 1.3.4)
      rack-protection (~> 1.1, >= 1.1.2)
      tilt (~> 1.3, >= 1.3.3)
    tilt (1.3.3)

PLATFORMS
  ruby

DEPENDENCIES
  git
  git-ssh-wrapper
  sinatra
